GEM
  remote: https://rubygems.org/
  specs:
    ansi (1.5.0)
    ast (2.4.2)
    builder (3.2.4)
    minitest (5.22.3)
    minitest-reporters (1.6.1)
      ansi
      builder
      minitest (>= 5.0)
      ruby-progressbar
    parser (3.3.0.5)
      ast (~> 2.4.1)
      racc
    prism (0.25.0)
    racc (1.7.3)
    ruby-progressbar (1.13.0)

PLATFORMS
  ruby
  x86_64-darwin-23

DEPENDENCIES
  minitest
  minitest-reporters
  parser
  prism (~> 0.25.0)

BUNDLED WITH
   2.5.3
